PATH
  remote: .
  specs:
    booster (0.0.1)
      execjs
      tilt

GEM
  remote: http://rubygems.org/
  specs:
    activesupport (3.1.3)
      multi_json (~> 1.0)
    childprocess (0.2.3)
      ffi (~> 1.0.6)
    diff-lcs (1.1.3)
    execjs (1.2.12)
      multi_json (~> 1.0)
    ffi (1.0.11)
    jasmine (1.1.2)
      jasmine-core (>= 1.1.0)
      rack (>= 1.1)
      rspec (>= 1.3.1)
      selenium-webdriver (>= 0.1.3)
    jasmine-core (1.1.0)
    libv8 (3.3.10.4)
    multi_json (1.0.4)
    rack (1.3.5)
    rake (0.9.2.2)
    rspec (2.7.0)
      rspec-core (~> 2.7.0)
      rspec-expectations (~> 2.7.0)
      rspec-mocks (~> 2.7.0)
    rspec-core (2.7.1)
    rspec-expectations (2.7.0)
      diff-lcs (~> 1.1.2)
    rspec-mocks (2.7.0)
    rubyzip (0.9.5)
    selenium-webdriver (2.15.0)
      childprocess (>= 0.2.1)
      ffi (~> 1.0.9)
      multi_json (~> 1.0.4)
      rubyzip
    therubyracer (0.9.9)
      libv8 (~> 3.3.10)
    tilt (1.3.3)

PLATFORMS
  ruby

DEPENDENCIES
  activesupport (~> 3.1.0)
  booster!
  jasmine
  rake
  therubyracer
